GEM
  remote: http://rubygems.org/
  specs:
    abstract (1.0.0)
    addressable (2.2.5)
    erubis (2.6.6)
      abstract (>= 1.0.0)
    faraday (0.6.1)
      addressable (~> 2.2.4)
      multipart-post (~> 1.1.0)
      rack (>= 1.1.0, < 2)
    multi_json (1.0.0)
    multipart-post (1.1.0)
    oauth2 (0.4.1)
      faraday (~> 0.6.1)
      multi_json (>= 0.0.5)
    rack (1.2.2)
    rack-ssl (1.3.2)
      rack
    sinatra (1.2.6)
      rack (~> 1.1)
      tilt (>= 1.2.2, < 2.0)
    tilt (1.3)

PLATFORMS
  ruby

DEPENDENCIES
  erubis
  oauth2
  rack-ssl
  sinatra
